GEM
  remote: http://rubygems.org/
  specs:
    speedytime (0.0.2)

PLATFORMS
  ruby

DEPENDENCIES
  speedytime
